PATH
  remote: .
  specs:
    pavo (0.1.0)
      faraday
      json

GEM
  remote: https://rubygems.org/
  specs:
    faraday (2.7.10)
      faraday-net_http (>= 2.0, < 3.1)
      ruby2_keywords (>= 0.0.4)
    faraday-net_http (3.0.2)
    json (2.6.3)
    rake (13.0.6)
    ruby2_keywords (0.0.5)

PLATFORMS
  x86_64-darwin-18

DEPENDENCIES
  pavo!
  rake (~> 13.0)

BUNDLED WITH
   2.4.12
